GEM
  remote: http://rubygems.org/
  specs:
    bubble-wrap (1.1.5)

PLATFORMS
  ruby

DEPENDENCIES
  bubble-wrap (~> 1.1.5)
